GEM
  remote: https://rubygems.org/
  specs:
    mini_magick (4.10.1)

PLATFORMS
  ruby

DEPENDENCIES
  mini_magick

BUNDLED WITH
   1.17.2
